{
	"Modality": "MR",
	"MagneticFieldStrength": 7,
	"ImagingFrequency": 297.223,
	"Manufacturer": "Siemens",
	"ManufacturersModelName": "Terra",
	"InstitutionName": "TIC Sitem Bern",
	"InstitutionalDepartmentName": "Radiologie 2. UG",
	"InstitutionAddress": "Freiburgstrasse 18,Bern,District,CH,3010",
	"DeviceSerialNumber": "79119",
	"StationName": "AWP79119",
	"BodyPartExamined": "BRAIN",
	"PatientPosition": "HFS",
	"ProcedureStepDescription": "MR Schädel Forschung",
	"SoftwareVersions": "syngo MR E12",
	"MRAcquisitionType": "3D",
	"SeriesDescription": "t1_cs_mp2rage_sag_0.6mm_UNI-DEN",
	"ProtocolName": "t1_cs_mp2rage_sag_0.6mm",
	"ScanningSequence": "GR\\IR",
	"SequenceVariant": "SK\\SP\\MP",
	"ScanOptions": "IR",
	"SequenceName": "WIP_cmp3d1_16ns",
	"ImageType": ["DERIVED", "PRIMARY", "M", "ND", "UNI"],
	"RawImage": false,
	"SeriesNumber": 9,
	"AcquisitionTime": "14:12:48.160000",
	"AcquisitionNumber": 1,
	"ImageComments": "Denoised Image (lambda = 0.7)",
	"SliceThickness": 0.63,
	"SAR": 0.0777992,
	"EchoTime": 0.00206,
	"RepetitionTime": 6,
	"PartialFourier": 1,
	"BaseResolution": 384,
	"ShimSetting": [
		297,
		-1957,
		712,
		386,
		158,
		-253,
		234,
		-52	],
	"TxRefAmp": 210.655,
	"PhaseResolution": 1,
	"ReceiveCoilName": "1Tx32Rx_Head",
	"CoilString": "A32",
	"PulseSequenceDetails": "%CustomerSeq%\\cstfl_wip925b",
	"WipMemBlock": "WIP_Identifier: WIP#925B",
	"RefLinesPE": 32,
	"ConsistencyInfo": "N4_VE12U_LATEST_20181126",
	"PercentPhaseFOV": 94.2708,
	"PercentSampling": 100,
	"PhaseEncodingSteps": 362,
	"AcquisitionMatrixPE": 362,
	"ReconMatrixPE": 362,
	"PixelBandwidth": 240,
	"DwellTime": 5.4e-06,
	"ImageOrientationPatientDICOM": [
		-0.0511111,
		0.988501,
		0.142315,
		0.0271301,
		0.143823,
		-0.989231	],
	"InPlanePhaseEncodingDirectionDICOM": "ROW",
	"ConversionSoftware": "dcm2niix",
	"ConversionSoftwareVersion": "v1.0.20210317"
}
