{
    "Modality": "MR",
    "MagneticFieldStrength": 7,
    "ImagingFrequency": 297.223,
    "Manufacturer": "Siemens",
    "ManufacturersModelName": "Terra",
    "InstitutionName": "TIC Sitem Bern",
    "InstitutionalDepartmentName": "Radiologie 2. UG",
    "InstitutionAddress": "Freiburgstrasse 18,Bern,District,CH,3010",
    "DeviceSerialNumber": "79119",
    "StationName": "AWP79119",
    "BodyPartExamined": "BRAIN",
    "PatientPosition": "HFS",
    "ProcedureStepDescription": "MR Sch\u00e4del Forschung",
    "SoftwareVersions": "syngo MR E12",
    "MRAcquisitionType": "2D",
    "SeriesDescription": "Bold_1.1mm_TR2700_run3",
    "ProtocolName": "Bold_1.1mm_TR2700_run3",
    "ScanningSequence": "EP",
    "SequenceVariant": "SK",
    "ScanOptions": "FS",
    "SequenceName": "*epfid2d1_210",
    "ImageType": [
        "ORIGINAL",
        "PRIMARY",
        "M",
        "ND",
        "MOSAIC"
    ],
    "SeriesNumber": 14,
    "AcquisitionTime": "09:49:59.245000",
    "AcquisitionNumber": 1,
    "SliceThickness": 1.1,
    "SpacingBetweenSlices": 1.1,
    "SAR": 0.0845773,
    "EchoTime": 0.05,
    "RepetitionTime": 2.7,
    "FlipAngle": 90,
    "PartialFourier": 1,
    "BaseResolution": 210,
    "ShimSetting": [
        202,
        -1907,
        690,
        553,
        -321,
        204,
        449,
        80
    ],
    "TxRefAmp": 216.68,
    "PhaseResolution": 1,
    "ReceiveCoilName": "1Tx32Rx_Head",
    "CoilString": "A32",
    "PulseSequenceDetails": "%SiemensSeq%\\ep2d_pace",
    "RefLinesPE": 24,
    "ConsistencyInfo": "N4_VE12U_LATEST_20181126",
    "MultibandAccelerationFactor": 4,
    "PercentPhaseFOV": 100,
    "PercentSampling": 100,
    "EchoTrainLength": 105,
    "PhaseEncodingSteps": 210,
    "AcquisitionMatrixPE": 210,
    "ReconMatrixPE": 210,
    "BandwidthPerPixelPhaseEncode": 11.905,
    "ParallelReductionFactorInPlane": 2,
    "EffectiveEchoSpacing": 0.000399992,
    "DerivedVendorReportedEchoSpacing": 0.000799984,
    "TotalReadoutTime": 0.0835983,
    "PixelBandwidth": 1830,
    "DwellTime": 1.3e-06,
    "PhaseEncodingDirection": "j-",
    "SliceTiming": [
        2.0225,
        0,
        1.3475,
        0.1125,
        1.46,
        0.225,
        1.5725,
        0.335,
        1.685,
        0.4475,
        1.7975,
        0.56,
        1.91,
        0.785,
        2.135,
        0.8975,
        2.2475,
        1.01,
        2.36,
        1.1225,
        2.4725,
        1.235,
        2.585,
        0.6725,
        2.0225,
        0,
        1.3475,
        0.1125,
        1.46,
        0.225,
        1.5725,
        0.335,
        1.685,
        0.4475,
        1.7975,
        0.56,
        1.91,
        0.785,
        2.135,
        0.8975,
        2.2475,
        1.01,
        2.36,
        1.1225,
        2.4725,
        1.235,
        2.585,
        0.6725,
        2.0225,
        0,
        1.3475,
        0.1125,
        1.46,
        0.225,
        1.5725,
        0.335,
        1.685,
        0.4475,
        1.7975,
        0.56,
        1.91,
        0.785,
        2.135,
        0.8975,
        2.2475,
        1.01,
        2.36,
        1.1225,
        2.4725,
        1.235,
        2.585,
        0.6725,
        2.0225,
        0,
        1.3475,
        0.1125,
        1.46,
        0.225,
        1.5725,
        0.335,
        1.685,
        0.4475,
        1.7975,
        0.56,
        1.91,
        0.785,
        2.135,
        0.8975,
        2.2475,
        1.01,
        2.36,
        1.1225,
        2.4725,
        1.235,
        2.585,
        0.6725
    ],
    "ImageOrientationPatientDICOM": [
        0.999986,
        0.0037035,
        -0.00389191,
        -0.00383973,
        0.999359,
        -0.0356003
    ],
    "InPlanePhaseEncodingDirectionDICOM": "COL",
    "ConversionSoftware": "dcm2niix",
    "ConversionSoftwareVersion": "v1.0.20210317",
    "TaskName": "retrieval"
}