{
	"Modality": "MR",
	"MagneticFieldStrength": 7,
	"ImagingFrequency": 297.223,
	"Manufacturer": "Siemens",
	"ManufacturersModelName": "Terra",
	"InstitutionName": "sitem-insel AG",
	"InstitutionalDepartmentName": "Radiologie 2. UG",
	"InstitutionAddress": "Freiburgstrasse 18,Bern,District,CH,3010",
	"DeviceSerialNumber": "79119",
	"StationName": "AWP79119",
	"BodyPartExamined": "BRAIN",
	"PatientPosition": "HFS",
	"ProcedureStepDescription": "MR Schädel Forschung",
	"SoftwareVersions": "syngo MR E12",
	"MRAcquisitionType": "3D",
	"SeriesDescription": "t1_cs_mp2rage_sag_0.6mm_UNI-DEN",
	"ProtocolName": "t1_cs_mp2rage_sag_0.6mm",
	"ScanningSequence": "GR\\IR",
	"SequenceVariant": "SK\\SP\\MP\\OSP",
	"ScanOptions": "IR",
	"SequenceName": "WIP_cmp3d1_16ns",
	"ImageType": ["DERIVED", "PRIMARY", "M", "ND", "UNI"],
	"RawImage": false,
	"SeriesNumber": 8,
	"AcquisitionTime": "15:04:35.450000",
	"AcquisitionNumber": 1,
	"ImageComments": "Denoised Image (lambda = 0.7)",
	"SliceThickness": 0.63,
	"SAR": 0.0723429,
	"EchoTime": 0.00206,
	"RepetitionTime": 6,
	"PartialFourier": 1,
	"BaseResolution": 384,
	"ShimSetting": [
		255,
		-1836,
		677,
		405,
		-99,
		-28,
		564,
		-17	],
	"TxRefAmp": 220.777,
	"PhaseResolution": 1,
	"PhaseOversampling": 0.1,
	"ReceiveCoilName": "1Tx32Rx_Head",
	"CoilString": "A32",
	"PulseSequenceDetails": "%CustomerSeq%\\cstfl_wip925b",
	"WipMemBlock": "WIP_Identifier: WIP#925B",
	"RefLinesPE": 32,
	"ConsistencyInfo": "N4_VE12U_LATEST_20181126",
	"PercentPhaseFOV": 94.2708,
	"PercentSampling": 100,
	"PhaseEncodingSteps": 398,
	"AcquisitionMatrixPE": 362,
	"ReconMatrixPE": 362,
	"PixelBandwidth": 240,
	"DwellTime": 5.4e-06,
	"ImageOrientationPatientDICOM": [
		0.00735776,
		0.989073,
		0.14724,
		0.0278444,
		0.146984,
		-0.988747	],
	"InPlanePhaseEncodingDirectionDICOM": "ROW",
	"ConversionSoftware": "dcm2niix",
	"ConversionSoftwareVersion": "v1.0.20210317"
}
