{
    "Modality": "MR",
    "MagneticFieldStrength": 7,
    "ImagingFrequency": 297.223,
    "Manufacturer": "Siemens",
    "ManufacturersModelName": "Terra",
    "InstitutionName": "TIC Sitem Bern",
    "InstitutionalDepartmentName": "Radiologie 2. UG",
    "InstitutionAddress": "Freiburgstrasse 18,Bern,District,CH,3010",
    "DeviceSerialNumber": "79119",
    "StationName": "AWP79119",
    "BodyPartExamined": "BRAIN",
    "PatientPosition": "HFS",
    "ProcedureStepDescription": "MR Sch\u00e4del Forschung",
    "SoftwareVersions": "syngo MR E12",
    "MRAcquisitionType": "2D",
    "SeriesDescription": "Bold_1.1mm_TR2700_run1",
    "ProtocolName": "Bold_1.1mm_TR2700_run1",
    "ScanningSequence": "EP",
    "SequenceVariant": "SK",
    "ScanOptions": "FS",
    "SequenceName": "*epfid2d1_210",
    "ImageType": [
        "ORIGINAL",
        "PRIMARY",
        "M",
        "ND",
        "MOSAIC"
    ],
    "SeriesNumber": 10,
    "AcquisitionTime": "15:06:19.855000",
    "AcquisitionNumber": 1,
    "SliceThickness": 1.1,
    "SpacingBetweenSlices": 1.1,
    "SAR": 0.0732135,
    "EchoTime": 0.05,
    "RepetitionTime": 2.7,
    "FlipAngle": 90,
    "PartialFourier": 1,
    "BaseResolution": 210,
    "ShimSetting": [
        292,
        -1991,
        787,
        611,
        63,
        -543,
        623,
        41
    ],
    "TxRefAmp": 208.182,
    "PhaseResolution": 1,
    "ReceiveCoilName": "1Tx32Rx_Head",
    "CoilString": "A32",
    "PulseSequenceDetails": "%SiemensSeq%\\ep2d_pace",
    "RefLinesPE": 24,
    "ConsistencyInfo": "N4_VE12U_LATEST_20181126",
    "MultibandAccelerationFactor": 4,
    "PercentPhaseFOV": 100,
    "PercentSampling": 100,
    "EchoTrainLength": 105,
    "PhaseEncodingSteps": 210,
    "AcquisitionMatrixPE": 210,
    "ReconMatrixPE": 210,
    "BandwidthPerPixelPhaseEncode": 11.905,
    "ParallelReductionFactorInPlane": 2,
    "EffectiveEchoSpacing": 0.000399992,
    "DerivedVendorReportedEchoSpacing": 0.000799984,
    "TotalReadoutTime": 0.0835983,
    "PixelBandwidth": 1830,
    "DwellTime": 1.3e-06,
    "PhaseEncodingDirection": "j-",
    "SliceTiming": [
        2.025,
        0,
        1.35,
        0.1125,
        1.4625,
        0.225,
        1.575,
        0.3375,
        1.6875,
        0.45,
        1.8,
        0.5625,
        1.9125,
        0.7875,
        2.1375,
        0.9,
        2.25,
        1.0125,
        2.3625,
        1.125,
        2.475,
        1.2375,
        2.5875,
        0.675,
        2.025,
        0,
        1.35,
        0.1125,
        1.4625,
        0.225,
        1.575,
        0.3375,
        1.6875,
        0.45,
        1.8,
        0.5625,
        1.9125,
        0.7875,
        2.1375,
        0.9,
        2.25,
        1.0125,
        2.3625,
        1.125,
        2.475,
        1.2375,
        2.5875,
        0.675,
        2.025,
        0,
        1.35,
        0.1125,
        1.4625,
        0.225,
        1.575,
        0.3375,
        1.6875,
        0.45,
        1.8,
        0.5625,
        1.9125,
        0.7875,
        2.1375,
        0.9,
        2.25,
        1.0125,
        2.3625,
        1.125,
        2.475,
        1.2375,
        2.5875,
        0.675,
        2.025,
        0,
        1.35,
        0.1125,
        1.4625,
        0.225,
        1.575,
        0.3375,
        1.6875,
        0.45,
        1.8,
        0.5625,
        1.9125,
        0.7875,
        2.1375,
        0.9,
        2.25,
        1.0125,
        2.3625,
        1.125,
        2.475,
        1.2375,
        2.5875,
        0.675
    ],
    "ImageOrientationPatientDICOM": [
        0.998534,
        0.0408436,
        0.0355074,
        -0.0469151,
        0.980336,
        0.191675
    ],
    "InPlanePhaseEncodingDirectionDICOM": "COL",
    "ConversionSoftware": "dcm2niix",
    "ConversionSoftwareVersion": "v1.0.20210317",
    "TaskName": "forgetexp"
}